PATH
  remote: .
  specs:
    coral (0.0.0)

GEM
  remote: https://rubygems.org/
  specs:
    method_source (0.9.2)
    power_assert (1.1.1)
    rake (12.3.2)
    slop (4.6.2)
    test-unit (3.2.7)
      power_assert

PLATFORMS
  ruby
  x64-mingw32

DEPENDENCIES
  coral!
  method_source
  rake
  slop (>= 4.6.2)
  test-unit

RUBY VERSION
   ruby 2.5.3p105

BUNDLED WITH
   2.0.1
