PATH
  remote: .
  specs:
    coral (0.0.0)

GEM
  remote: https://rubygems.org/
  specs:
    power_assert (1.1.1)
    rake (12.3.0)
    test-unit (3.2.7)
      power_assert

PLATFORMS
  ruby
  x64-mingw32

DEPENDENCIES
  coral!
  rake
  test-unit

RUBY VERSION
   ruby 2.5.3p105

BUNDLED WITH
   2.0.1
